GEM
  remote: https://rubygems.org/
  specs:
    call-me (0.0.2.3)
      refining
    ffi (1.9.3)
    ffi-extra (0.1.0)
      ffi
    ffi-inline (0.0.4.3)
      ffi (>= 0.4.0)
    httparty (0.13.1)
      json (~> 1.8)
      multi_xml (>= 0.5.2)
    iso-639 (0.2.4)
    json (1.8.1)
    multi_xml (0.5.5)
    refining (0.0.5.5)
    tesseract-ocr (0.1.6)
      call-me
      ffi-extra
      ffi-inline
      iso-639

PLATFORMS
  ruby

DEPENDENCIES
  httparty
  tesseract-ocr
